PATH
  remote: .
  specs:
    gitclean (0.1.0)

GEM
  remote: https://rubygems.org/
  specs:
    rake (10.5.0)

PLATFORMS
  x64-mingw32

DEPENDENCIES
  bundler (~> 1.17)
  gitclean!
  rake (~> 10.0)

BUNDLED WITH
   1.17.2
